ObjectType = Image
CompressedData = False
BinaryData = True
NDims = 3
DataType = uchar
DimSize = 600 767 21 
ElementSize = 3 3 1
ElementSpacing =  3 3 1
ElementType = MET_UCHAR
ElementByteOrderMSB = False
ElementDataFile = tmp1_fMask.raw
