NRRD0004
# Complete NRRD file format specification at:
# http://teem.sourceforge.net/nrrd/format.html
type: float
dimension: 3
space: left-posterior-superior
sizes: 271 439 204
space directions: (-0.044999999999999998,0,0) (0,-0.044999999999999998,0) (0,0,0.044999999999999998)
kinds: domain domain domain
endian: little
encoding: gzip
space origin: (6.05859375,9.83984375,-4.5546875)
# labels were the natural in WHS filtered through MDT
data file: N58204NLSAMWHS_RCCF_labels.raw.gz
